GEM
  specs:
    haml (4.0.6)
      tilt
    sass (3.4.14)
    tilt (1.4.1)

PLATFORMS
  ruby

DEPENDENCIES
  haml
  sass
